GEM
  remote: https://rubygems.org/
  specs:
    byebug (10.0.2)
    rspec-core (3.8.0)
      rspec-support (~> 3.8.0)
    rspec-support (3.8.0)

PLATFORMS
  ruby

DEPENDENCIES
  byebug
  rspec-core

BUNDLED WITH
   2.0.1
